GEM
  remote: https://rubygems.org/
  specs:
    digest-crc (0.4.1)
    ruby-kafka (0.7.9)
      digest-crc

PLATFORMS
  ruby

DEPENDENCIES
  ruby-kafka (~> 0.7.9)

BUNDLED WITH
   2.0.2
